PATH
  remote: .
  specs:
    worlds (0.0.1)

GEM
  remote: https://rubygems.org/
  specs:
    builder (3.0.3)
    cucumber (1.2.1)
      builder (>= 2.1.2)
      diff-lcs (>= 1.1.3)
      gherkin (~> 2.11.0)
      json (>= 1.4.6)
    diff-lcs (1.1.3)
    gherkin (2.11.2)
      json (>= 1.4.6)
    json (1.7.5)
    rake (0.9.2.2)
    rspec (2.11.0)
      rspec-core (~> 2.11.0)
      rspec-expectations (~> 2.11.0)
      rspec-mocks (~> 2.11.0)
    rspec-core (2.11.1)
    rspec-expectations (2.11.3)
      diff-lcs (~> 1.1.3)
    rspec-mocks (2.11.2)

PLATFORMS
  ruby

DEPENDENCIES
  cucumber
  rake
  rspec
  worlds!
